GEM
  remote: https://rubygems.org/
  specs:
    birling (0.1.3)
    power_assert (0.3.1)
    rake (11.3.0)
    test-unit (3.2.1)
      power_assert

PLATFORMS
  ruby

DEPENDENCIES
  birling
  rake
  test-unit

BUNDLED WITH
   1.13.3
