GEM
  remote: https://rubygems.org/
  specs:
    power_assert (0.3.1)
    rake (11.3.0)
    test-unit (3.2.1)
      power_assert

PLATFORMS
  ruby

DEPENDENCIES
  rake
  test-unit

BUNDLED WITH
   1.13.3
